PATH
  remote: .
  specs:
    syncterrifier (0.1.56)

GEM
  remote: https://rubygems.org/
  specs:
    activesupport (7.2.0)
      base64
      bigdecimal
      concurrent-ruby (~> 1.0, >= 1.3.1)
      connection_pool (>= 2.2.5)
      drb
      i18n (>= 1.6, < 2)
      logger (>= 1.4.2)
      minitest (>= 5.1)
      securerandom (>= 0.3)
      tzinfo (~> 2.0, >= 2.0.5)
    amazing_print (1.6.0)
    ast (2.4.2)
    base64 (0.2.0)
    bigdecimal (3.1.8)
    coderay (1.1.3)
    concurrent-ruby (1.3.4)
    connection_pool (2.4.1)
    diff-lcs (1.5.1)
    drb (2.2.1)
    faraday (2.10.1)
      faraday-net_http (>= 2.0, < 3.2)
      logger
    faraday-net_http (3.1.1)
      net-http
    ffi (1.17.0-arm64-darwin)
    ffi (1.17.0-x86_64-linux-gnu)
    formatador (1.1.0)
    guard (2.18.1)
      formatador (>= 0.2.4)
      listen (>= 2.7, < 4.0)
      lumberjack (>= 1.0.12, < 2.0)
      nenv (~> 0.1)
      notiffany (~> 0.0)
      pry (>= 0.13.0)
      shellany (~> 0.0)
      thor (>= 0.18.1)
    hashie (5.0.0)
    i18n (1.14.5)
      concurrent-ruby (~> 1.0)
    json (2.7.2)
    language_server-protocol (3.17.0.3)
    listen (3.9.0)
      rb-fsevent (~> 0.10, >= 0.10.3)
      rb-inotify (~> 0.9, >= 0.9.10)
    logger (1.6.0)
    lumberjack (1.2.10)
    method_source (1.1.0)
    minitest (5.24.1)
    nenv (0.3.0)
    net-http (0.4.1)
      uri
    notiffany (0.1.3)
      nenv (~> 0.1)
      shellany (~> 0.0)
    parallel (1.26.2)
    parser (3.3.4.2)
      ast (~> 2.4.1)
      racc
    pry (0.14.2)
      coderay (~> 1.1)
      method_source (~> 1.0)
    racc (1.8.1)
    rainbow (3.1.1)
    rake (13.2.1)
    rb-fsevent (0.11.2)
    rb-inotify (0.11.1)
      ffi (~> 1.0)
    regexp_parser (2.9.2)
    rexml (3.3.5)
      strscan
    rspec (3.13.0)
      rspec-core (~> 3.13.0)
      rspec-expectations (~> 3.13.0)
      rspec-mocks (~> 3.13.0)
    rspec-core (3.13.0)
      rspec-support (~> 3.13.0)
    rspec-expectations (3.13.1)
      diff-lcs (>= 1.2.0, < 2.0)
      rspec-support (~> 3.13.0)
    rspec-mocks (3.13.1)
      diff-lcs (>= 1.2.0, < 2.0)
      rspec-support (~> 3.13.0)
    rspec-support (3.13.1)
    rubocop (1.65.1)
      json (~> 2.3)
      language_server-protocol (>= 3.17.0)
      parallel (~> 1.10)
      parser (>= 3.3.0.2)
      rainbow (>= 2.2.2, < 4.0)
      regexp_parser (>= 2.4, < 3.0)
      rexml (>= 3.2.5, < 4.0)
      rubocop-ast (>= 1.31.1, < 2.0)
      ruby-progressbar (~> 1.7)
      unicode-display_width (>= 2.4.0, < 3.0)
    rubocop-ast (1.32.0)
      parser (>= 3.3.1.0)
    ruby-progressbar (1.13.0)
    securerandom (0.3.1)
    shellany (0.0.1)
    strscan (3.1.0)
    thor (1.3.1)
    tzinfo (2.0.6)
      concurrent-ruby (~> 1.0)
    unicode-display_width (2.5.0)
    uri (0.13.0)

PLATFORMS
  arm64-darwin-22
  arm64-darwin-23
  arm64-darwin-24
  x86_64-linux

DEPENDENCIES
  activesupport
  amazing_print
  faraday
  guard
  hashie
  pry
  rake (~> 13.0)
  rspec (~> 3.0)
  rubocop (~> 1.21)
  syncterrifier!

BUNDLED WITH
   2.5.4
